PATH
  remote: .
  specs:
    vivlio_pack (0.1.0)
      puma
      rack
      redcarpet
      rouge

GEM
  remote: https://rubygems.org/
  specs:
    date (3.4.1)
    erb (5.0.1)
    io-console (0.8.0)
    irb (1.15.2)
      pp (>= 0.6.0)
      rdoc (>= 4.0.0)
      reline (>= 0.4.2)
    nio4r (2.7.4)
    pp (0.6.2)
      prettyprint
    prettyprint (0.2.0)
    psych (5.2.6)
      date
      stringio
    puma (6.6.0)
      nio4r (~> 2.0)
    rack (3.1.15)
    rake (13.2.1)
    rdoc (6.14.0)
      erb
      psych (>= 4.0.0)
    redcarpet (3.6.1)
    reline (0.6.1)
      io-console (~> 0.5)
    rouge (4.5.2)
    stringio (3.1.7)

PLATFORMS
  arm64-darwin-23
  ruby

DEPENDENCIES
  irb
  rake (~> 13.0)
  vivlio_pack!

BUNDLED WITH
   2.6.5
